NUGET
  remote: https://www.nuget.org/api/v2
    Argu (4.2.1)
      FSharp.Core (>= 3.1.2) - framework: >= net40
      FSharp.Core (>= 4.2.3) - framework: >= netstandard20
      System.Configuration.ConfigurationManager (>= 4.4) - framework: >= netstandard20
    BenchmarkDotNet (0.10.11)
      BenchmarkDotNet.Core (>= 0.10.11) - framework: >= net46, netcore11, netcore20
      BenchmarkDotNet.Toolchains.Roslyn (>= 0.10.11) - framework: >= net46
      Microsoft.NETCore.App (>= 1.1.2) - framework: netcore11
    BenchmarkDotNet.Core (0.10.11) - framework: >= net46, netcore11, netcore20
      Microsoft.DotNet.InternalAbstractions (>= 1.0) - framework: >= net46, netcore11, netcore20
      Microsoft.DotNet.PlatformAbstractions (>= 1.1.1) - framework: >= net46, netcore11, netcore20
      Microsoft.NETCore.App (>= 1.1.2) - framework: netcore11
      Microsoft.Win32.Registry (>= 4.3) - framework: >= net46, netcore11, netcore20
      System.Reflection.Emit.Lightweight (>= 4.3) - framework: netcore11, netcore20
      System.Runtime.Serialization.Primitives (>= 4.3) - framework: netcore11, netcore20
      System.Threading.Tasks.Extensions (>= 4.3) - framework: >= net46
      System.ValueTuple (>= 4.3) - framework: >= net46, netcore11, netcore20
      System.Xml.XmlSerializer (>= 4.3) - framework: >= net46, netcore11, netcore20
      System.Xml.XPath.XmlDocument (>= 4.3) - framework: netcore11, netcore20
    BenchmarkDotNet.Toolchains.Roslyn (0.10.11) - framework: >= net46
      BenchmarkDotNet.Core (>= 0.10.11) - framework: >= net46
      Microsoft.CodeAnalysis.CSharp (>= 2.4) - framework: >= net46
      System.Threading.Tasks (>= 4.3) - framework: >= net46
    Expecto (5.1.1)
      Argu (>= 3.7) - framework: >= net461, >= netstandard16
      FSharp.Core (>= 4.1.18) - framework: >= net461, >= netstandard16
      Mono.Cecil (>= 0.10.0-beta5) - framework: >= net461, >= netstandard16
      NETStandard.Library (>= 1.6.1) - framework: netstandard16
      System.Diagnostics.FileVersionInfo (>= 4.3) - framework: >= netstandard16
      System.ValueTuple (>= 4.4) - framework: >= net461, netstandard16
    Expecto.BenchmarkDotNet (5.1.1)
      BenchmarkDotNet (>= 0.10.10)
      FSharp.Core (>= 4.1.18)
    Expecto.FsCheck (5.1.1)
      Expecto (>= 5.1.1) - framework: >= net461, >= netstandard16
      FsCheck (>= 2.10.4) - framework: >= net461, >= netstandard16
      FSharp.Core (>= 4.1.18) - framework: >= net461, >= netstandard16
      NETStandard.Library (>= 1.6.1) - framework: netstandard16
      System.ValueTuple (>= 4.4) - framework: >= net461, netstandard16
    Expecto.VisualStudio.TestAdapter (5.0.1) - version_in_path: true
      Expecto (>= 5.0 < 6.0)
    FAKE (4.64.3)
    FsCheck (2.10.6) - framework: >= net461, >= netstandard16
      FSharp.Core (>= 4.0.0.1) - framework: >= net452, portable-net45, portable-net45+wp8, portable-net45+wp8+wpa81
      FSharp.Core (>= 4.2.3) - framework: >= netstandard16
      NETStandard.Library (>= 1.6.1) - framework: >= netstandard16
      System.ValueTuple (>= 4.4) - framework: >= netstandard16
    FSharp.Compiler.Service (17.0.1)
      FSharp.Core (>= 4.1.18) - framework: >= netstandard16
      NETStandard.Library (>= 1.6.1) - framework: >= netstandard16
      System.Collections.Immutable (>= 1.3) - framework: >= netstandard16
      System.Collections.Immutable (>= 1.3.1) - framework: >= net45
      System.Diagnostics.Process (>= 4.1) - framework: >= netstandard16
      System.Diagnostics.TraceSource (>= 4.0) - framework: >= netstandard16
      System.Reflection.Emit (>= 4.3) - framework: >= netstandard16
      System.Reflection.Metadata (>= 1.4.1) - framework: >= netstandard16
      System.Reflection.Metadata (>= 1.4.2) - framework: >= net45
      System.Reflection.TypeExtensions (>= 4.3) - framework: >= netstandard16
      System.Runtime.Loader (>= 4.0) - framework: >= netstandard16
      System.Security.Cryptography.Algorithms (>= 4.3) - framework: >= netstandard16
      System.ValueTuple (>= 4.4) - framework: >= netstandard16
    FSharp.Core (4.2.3)
      System.Collections (>= 4.0.11) - framework: >= netstandard16
      System.Console (>= 4.0) - framework: >= netstandard16
      System.Diagnostics.Debug (>= 4.0.11) - framework: >= netstandard16
      System.Diagnostics.Tools (>= 4.0.1) - framework: >= netstandard16
      System.Globalization (>= 4.0.11) - framework: >= netstandard16
      System.IO (>= 4.1) - framework: >= netstandard16
      System.Linq (>= 4.1) - framework: >= netstandard16
      System.Linq.Expressions (>= 4.1) - framework: >= netstandard16
      System.Linq.Queryable (>= 4.0.1) - framework: >= netstandard16
      System.Net.Requests (>= 4.0.11) - framework: >= netstandard16
      System.Reflection (>= 4.1) - framework: >= netstandard16
      System.Reflection.Extensions (>= 4.0.1) - framework: >= netstandard16
      System.Resources.ResourceManager (>= 4.0.1) - framework: >= netstandard16
      System.Runtime (>= 4.1) - framework: >= netstandard16
      System.Runtime.Extensions (>= 4.1) - framework: >= netstandard16
      System.Runtime.Numerics (>= 4.0.1) - framework: >= netstandard16
      System.Text.RegularExpressions (>= 4.1) - framework: >= netstandard16
      System.Threading (>= 4.0.11) - framework: >= netstandard16
      System.Threading.Tasks (>= 4.0.11) - framework: >= netstandard16
      System.Threading.Tasks.Parallel (>= 4.0.1) - framework: >= netstandard16
      System.Threading.Thread (>= 4.0) - framework: >= netstandard16
      System.Threading.ThreadPool (>= 4.0.10) - framework: >= netstandard16
      System.Threading.Timer (>= 4.0.1) - framework: >= netstandard16
    Libuv (1.10) - framework: netcore11
    Microsoft.AspNet.Razor (3.2.3)
    Microsoft.CodeAnalysis.Analyzers (1.1) - framework: >= net46
    Microsoft.CodeAnalysis.Common (2.6.1) - framework: >= net46, netcore11
      Microsoft.CodeAnalysis.Analyzers (>= 1.1) - framework: >= net46, >= netstandard13
      System.AppContext (>= 4.3) - framework: >= net46, >= netstandard13
      System.Collections (>= 4.3) - framework: >= net46, >= netstandard13
      System.Collections.Concurrent (>= 4.3) - framework: >= net46, >= netstandard13
      System.Collections.Immutable (>= 1.3.1) - framework: >= net46, >= netstandard13
      System.Console (>= 4.3) - framework: >= net46, >= netstandard13
      System.Diagnostics.Debug (>= 4.3) - framework: >= net46, >= netstandard13
      System.Diagnostics.FileVersionInfo (>= 4.3) - framework: >= net46, >= netstandard13
      System.Diagnostics.StackTrace (>= 4.3) - framework: >= net46, >= netstandard13
      System.Diagnostics.Tools (>= 4.3) - framework: >= net46, >= netstandard13
      System.Dynamic.Runtime (>= 4.3) - framework: >= net46, >= netstandard13
      System.Globalization (>= 4.3) - framework: >= net46, >= netstandard13
      System.IO.Compression (>= 4.3) - framework: >= net46, >= netstandard13
      System.IO.FileSystem (>= 4.3) - framework: >= net46, >= netstandard13
      System.IO.FileSystem.Primitives (>= 4.3) - framework: >= net46, >= netstandard13
      System.Linq (>= 4.3) - framework: >= net46, >= netstandard13
      System.Linq.Expressions (>= 4.3) - framework: >= net46, >= netstandard13
      System.Reflection (>= 4.3) - framework: >= net46, >= netstandard13
      System.Reflection.Metadata (>= 1.4.2) - framework: >= net46, >= netstandard13
      System.Resources.ResourceManager (>= 4.3) - framework: >= net46, >= netstandard13
      System.Runtime (>= 4.3) - framework: >= net46, >= netstandard13
      System.Runtime.Extensions (>= 4.3) - framework: >= net46, >= netstandard13
      System.Runtime.InteropServices (>= 4.3) - framework: >= net46, >= netstandard13
      System.Runtime.Numerics (>= 4.3) - framework: >= net46, >= netstandard13
      System.Security.Cryptography.Algorithms (>= 4.3) - framework: >= net46, >= netstandard13
      System.Security.Cryptography.Encoding (>= 4.3) - framework: >= net46, >= netstandard13
      System.Security.Cryptography.X509Certificates (>= 4.3) - framework: >= net46, >= netstandard13
      System.Text.Encoding (>= 4.3) - framework: >= net46, >= netstandard13
      System.Text.Encoding.CodePages (>= 4.3) - framework: >= net46, >= netstandard13
      System.Text.Encoding.Extensions (>= 4.3) - framework: >= net46, >= netstandard13
      System.Threading (>= 4.3) - framework: >= net46, >= netstandard13
      System.Threading.Tasks (>= 4.3) - framework: >= net46, >= netstandard13
      System.Threading.Tasks.Parallel (>= 4.3) - framework: >= net46, >= netstandard13
      System.Threading.Thread (>= 4.3) - framework: >= net46, >= netstandard13
      System.ValueTuple (>= 4.3) - framework: >= net46, >= netstandard13
      System.Xml.ReaderWriter (>= 4.3) - framework: >= net46, >= netstandard13
      System.Xml.XDocument (>= 4.3) - framework: >= net46, >= netstandard13
      System.Xml.XmlDocument (>= 4.3) - framework: >= net46, >= netstandard13
      System.Xml.XPath.XDocument (>= 4.3) - framework: >= net46, >= netstandard13
    Microsoft.CodeAnalysis.CSharp (2.6.1) - framework: >= net46, netcore11
      Microsoft.CodeAnalysis.Common (2.6.1)
    Microsoft.CodeAnalysis.VisualBasic (2.6.1) - framework: netcore11
      Microsoft.CodeAnalysis.Common (>= 2.6.1)
    Microsoft.CSharp (4.4.1) - framework: netcore11
    Microsoft.DiaSymReader.Native (1.7) - framework: netcore11
    Microsoft.DotNet.InternalAbstractions (1.0) - framework: >= net46, netcore11, netcore20
    Microsoft.DotNet.PlatformAbstractions (2.0.4) - framework: >= net46, netcore11, netcore20
    Microsoft.NETCore.App (2.0.4) - framework: netcore11
      Libuv (>= 1.9.2) - framework: netcore10, netcore11
      Microsoft.CodeAnalysis.CSharp (>= 1.3) - framework: netcore10, netcore11
      Microsoft.CodeAnalysis.VisualBasic (>= 1.3) - framework: netcore10, netcore11
      Microsoft.CSharp (>= 4.3) - framework: netcore11
      Microsoft.DiaSymReader.Native (>= 1.4.1) - framework: netcore11
      Microsoft.NETCore.DotNetHostPolicy (>= 1.1.5) - framework: netcore11
      Microsoft.NETCore.Runtime.CoreCLR (>= 1.1.5) - framework: netcore11
      Microsoft.NETCore.Targets (>= 1.1.2) - framework: netcore11
      Microsoft.VisualBasic (>= 10.1) - framework: netcore11
      NETStandard.Library (>= 1.6.1) - framework: netcore11
      runtime.native.System.IO.Compression (>= 4.3.1) - framework: netcore11
      runtime.native.System.Security.Cryptography (>= 4.3.3) - framework: netcore11
      runtime.native.System.Security.Cryptography.Apple (>= 4.3.1) - framework: netcore11
      runtime.native.System.Security.Cryptography.OpenSsl (>= 4.3.2) - framework: netcore11
      System.Buffers (>= 4.3) - framework: netcore11
      System.Collections.Immutable (>= 1.3) - framework: netcore11
      System.ComponentModel (>= 4.3) - framework: netcore11
      System.ComponentModel.Annotations (>= 4.3) - framework: netcore11
      System.Diagnostics.DiagnosticSource (>= 4.3.1) - framework: netcore11
      System.Diagnostics.Process (>= 4.3) - framework: netcore11
      System.Dynamic.Runtime (>= 4.3) - framework: netcore11
      System.Globalization.Extensions (>= 4.3) - framework: netcore11
      System.IO.FileSystem.Watcher (>= 4.3) - framework: netcore11
      System.IO.MemoryMappedFiles (>= 4.3) - framework: netcore11
      System.IO.UnmanagedMemoryStream (>= 4.3) - framework: netcore11
      System.Linq.Expressions (>= 4.3) - framework: netcore11
      System.Linq.Parallel (>= 4.3) - framework: netcore11
      System.Linq.Queryable (>= 4.3) - framework: netcore11
      System.Net.Http (>= 4.3.3) - framework: netcore11
      System.Net.NameResolution (>= 4.3) - framework: netcore11
      System.Net.Requests (>= 4.3) - framework: netcore11
      System.Net.Security (>= 4.3.2) - framework: netcore11
      System.Net.WebHeaderCollection (>= 4.3) - framework: netcore11
      System.Numerics.Vectors (>= 4.3) - framework: netcore11
      System.Reflection.DispatchProxy (>= 4.3) - framework: netcore11
      System.Reflection.Metadata (>= 1.4.1) - framework: netcore11
      System.Reflection.TypeExtensions (>= 4.3) - framework: netcore11
      System.Resources.Reader (>= 4.3) - framework: netcore11
      System.Runtime.Loader (>= 4.3) - framework: netcore11
      System.Security.Cryptography.Algorithms (>= 4.3.1) - framework: netcore11
      System.Security.Cryptography.Encoding (>= 4.3) - framework: netcore11
      System.Security.Cryptography.OpenSsl (>= 4.3.1) - framework: netcore11
      System.Security.Cryptography.Primitives (>= 4.3) - framework: netcore11
      System.Security.Cryptography.X509Certificates (>= 4.3.2) - framework: netcore11
      System.Threading.Tasks.Dataflow (>= 4.7) - framework: netcore11
      System.Threading.Tasks.Extensions (>= 4.3) - framework: netcore11
      System.Threading.Tasks.Parallel (>= 4.3) - framework: netcore11
      System.Threading.Thread (>= 4.3) - framework: netcore11
      System.Threading.ThreadPool (>= 4.3) - framework: netcore11
    Microsoft.NETCore.DotNetAppHost (2.0.4) - framework: netcore11
    Microsoft.NETCore.DotNetHostPolicy (2.0.4) - framework: netcore11
      Microsoft.NETCore.DotNetHostResolver (>= 2.0.4)
    Microsoft.NETCore.DotNetHostResolver (2.0.4) - framework: netcore11
      Microsoft.NETCore.DotNetAppHost (>= 2.0.4)
    Microsoft.NETCore.Jit (2.0.4) - framework: netcore11
    Microsoft.NETCore.Platforms (2.0.1) - framework: net45, >= net45, >= netstandard10, netstandard11, netstandard12, netstandard13, netstandard14, netstandard15, netstandard16, netcore11, netcore20
    Microsoft.NETCore.Runtime.CoreCLR (2.0.4) - framework: netcore11
      Microsoft.NETCore.Jit (>= 2.0.4)
    Microsoft.NETCore.Targets (2.0) - framework: net45, >= net45, >= netstandard10, netstandard11, netstandard12, netstandard13, netstandard14, netstandard15, netstandard16, netcore11
    Microsoft.VisualBasic (10.2) - framework: netcore11
    Microsoft.Win32.Primitives (4.3) - framework: net45, net46, >= net46, >= netstandard13, netstandard14, netstandard15, netstandard16
      Microsoft.NETCore.Platforms (>= 1.1) - framework: >= netstandard13
      Microsoft.NETCore.Targets (>= 1.1) - framework: >= netstandard13
      System.Runtime (>= 4.3) - framework: >= netstandard13
    Microsoft.Win32.Registry (4.4) - framework: >= net46, >= netstandard16, netcore11, netcore20
      Microsoft.NETCore.Platforms (>= 2.0) - framework: netcore20
      System.Security.AccessControl (>= 4.4) - framework: >= net461, >= netstandard20, netcore20, monoandroid, monotouch, xamarinios, xamarinmac
      System.Security.Principal.Windows (>= 4.4) - framework: >= net461, >= netstandard20, netcore20, monoandroid, monotouch, xamarinios, xamarinmac
    Mono.Cecil (0.10.0-beta7) - framework: >= net461, >= netstandard16
      System.Collections (>= 4.0.11) - framework: >= netstandard13
      System.IO.FileSystem (>= 4.0.1) - framework: >= netstandard13
      System.IO.FileSystem.Primitives (>= 4.0.1) - framework: >= netstandard13
      System.Reflection (>= 4.1) - framework: >= netstandard13
      System.Runtime.Extensions (>= 4.1) - framework: >= netstandard13
      System.Security.Cryptography.Algorithms (>= 4.2) - framework: >= netstandard13
      System.Security.Cryptography.Csp (>= 4.0) - framework: >= netstandard13
      System.Threading (>= 4.0.11) - framework: >= netstandard13
    NETStandard.Library (2.0.1) - framework: net45, >= net45, >= netstandard10, netcore11
      Microsoft.NETCore.Platforms (>= 1.1) - framework: net45, net451, net46, >= net461, uap100, >= netstandard10, netcore20, monoandroid, monotouch, portable45-net45+win8+wp8+wpa81, portable45-net45+win8+wpa81, portable46-net451+win81+wpa81, xamarinios, xamarinmac, wpav8.1
      Microsoft.Win32.Primitives (>= 4.3) - framework: net46, uap100, netstandard13, netstandard14, netstandard15, netstandard16
      System.AppContext (>= 4.3) - framework: net46, uap100, netstandard13, netstandard14, netstandard15, netstandard16
      System.Collections (>= 4.3) - framework: uap100, netstandard10, netstandard11, netstandard12, netstandard13, netstandard14, netstandard15, netstandard16
      System.Collections.Concurrent (>= 4.3) - framework: uap100, netstandard11, netstandard12, netstandard13, netstandard14, netstandard15, netstandard16
      System.Console (>= 4.3) - framework: net46, uap100, netstandard13, netstandard14, netstandard15, netstandard16
      System.Diagnostics.Debug (>= 4.3) - framework: uap100, netstandard10, netstandard11, netstandard12, netstandard13, netstandard14, netstandard15, netstandard16
      System.Diagnostics.Tools (>= 4.3) - framework: uap100, netstandard10, netstandard11, netstandard12, netstandard13, netstandard14, netstandard15, netstandard16
      System.Diagnostics.Tracing (>= 4.3) - framework: uap100, netstandard11, netstandard12, netstandard13, netstandard14, netstandard15, netstandard16
      System.Globalization (>= 4.3) - framework: uap100, netstandard10, netstandard11, netstandard12, netstandard13, netstandard14, netstandard15, netstandard16
      System.Globalization.Calendars (>= 4.3) - framework: net46, uap100, netstandard13, netstandard14, netstandard15, netstandard16
      System.IO (>= 4.3) - framework: uap100, netstandard10, netstandard11, netstandard12, netstandard13, netstandard14, netstandard15, netstandard16
      System.IO.Compression (>= 4.3) - framework: net46, uap100, netstandard11, netstandard12, netstandard13, netstandard14, netstandard15, netstandard16
      System.IO.Compression.ZipFile (>= 4.3) - framework: net46, uap100, netstandard13, netstandard14, netstandard15, netstandard16
      System.IO.FileSystem (>= 4.3) - framework: net46, uap100, netstandard13, netstandard14, netstandard15, netstandard16
      System.IO.FileSystem.Primitives (>= 4.3) - framework: net46, uap100, netstandard13, netstandard14, netstandard15, netstandard16
      System.Linq (>= 4.3) - framework: uap100, netstandard10, netstandard11, netstandard12, netstandard13, netstandard14, netstandard15, netstandard16
      System.Linq.Expressions (>= 4.3) - framework: uap100, netstandard10, netstandard11, netstandard12, netstandard13, netstandard14, netstandard15, netstandard16
      System.Net.Http (>= 4.3.2) - framework: net46, uap100, netstandard11, netstandard12, netstandard13, netstandard14, netstandard15, netstandard16
      System.Net.Primitives (>= 4.3) - framework: uap100, netstandard10, netstandard11, netstandard12, netstandard13, netstandard14, netstandard15, netstandard16
      System.Net.Sockets (>= 4.3) - framework: net46, uap100, netstandard13, netstandard14, netstandard15, netstandard16
      System.ObjectModel (>= 4.3) - framework: uap100, netstandard10, netstandard11, netstandard12, netstandard13, netstandard14, netstandard15, netstandard16
      System.Reflection (>= 4.3) - framework: uap100, netstandard10, netstandard11, netstandard12, netstandard13, netstandard14, netstandard15, netstandard16
      System.Reflection.Extensions (>= 4.3) - framework: uap100, netstandard10, netstandard11, netstandard12, netstandard13, netstandard14, netstandard15, netstandard16
      System.Reflection.Primitives (>= 4.3) - framework: uap100, netstandard10, netstandard11, netstandard12, netstandard13, netstandard14, netstandard15, netstandard16
      System.Resources.ResourceManager (>= 4.3) - framework: uap100, netstandard10, netstandard11, netstandard12, netstandard13, netstandard14, netstandard15, netstandard16
      System.Runtime (>= 4.3) - framework: uap100, netstandard10, netstandard11, netstandard12, netstandard13, netstandard14, netstandard15, netstandard16
      System.Runtime.Extensions (>= 4.3) - framework: uap100, netstandard10, netstandard11, netstandard12, netstandard13, netstandard14, netstandard15, netstandard16
      System.Runtime.Handles (>= 4.3) - framework: uap100, netstandard13, netstandard14, netstandard15, netstandard16
      System.Runtime.InteropServices (>= 4.3) - framework: uap100, netstandard11, netstandard12, netstandard13, netstandard14, netstandard15, netstandard16
      System.Runtime.InteropServices.RuntimeInformation (>= 4.3) - framework: net45, net451, net46, uap100, netstandard11, netstandard12, netstandard13, netstandard14, netstandard15, netstandard16, portable45-net45+win8+wpa81, portable46-net451+win81+wpa81, wpav8.1
      System.Runtime.Numerics (>= 4.3) - framework: uap100, netstandard11, netstandard12, netstandard13, netstandard14, netstandard15, netstandard16
      System.Security.Cryptography.Algorithms (>= 4.3) - framework: net46, uap100, netstandard13, netstandard14, netstandard15, netstandard16
      System.Security.Cryptography.Encoding (>= 4.3) - framework: net46, uap100, netstandard13, netstandard14, netstandard15, netstandard16
      System.Security.Cryptography.Primitives (>= 4.3) - framework: net46, uap100, netstandard13, netstandard14, netstandard15, netstandard16
      System.Security.Cryptography.X509Certificates (>= 4.3) - framework: net46, uap100, netstandard13, netstandard14, netstandard15, netstandard16
      System.Text.Encoding (>= 4.3) - framework: uap100, netstandard10, netstandard11, netstandard12, netstandard13, netstandard14, netstandard15, netstandard16
      System.Text.Encoding.Extensions (>= 4.3) - framework: uap100, netstandard10, netstandard11, netstandard12, netstandard13, netstandard14, netstandard15, netstandard16
      System.Text.RegularExpressions (>= 4.3) - framework: uap100, netstandard10, netstandard11, netstandard12, netstandard13, netstandard14, netstandard15, netstandard16
      System.Threading (>= 4.3) - framework: uap100, netstandard10, netstandard11, netstandard12, netstandard13, netstandard14, netstandard15, netstandard16
      System.Threading.Tasks (>= 4.3) - framework: uap100, netstandard10, netstandard11, netstandard12, netstandard13, netstandard14, netstandard15, netstandard16
      System.Threading.Timer (>= 4.3) - framework: uap100, netstandard12, netstandard13, netstandard14, netstandard15, netstandard16
      System.Xml.ReaderWriter (>= 4.3) - framework: net46, uap100, netstandard10, netstandard11, netstandard12, netstandard13, netstandard14, netstandard15, netstandard16
      System.Xml.XDocument (>= 4.3) - framework: uap100, netstandard10, netstandard11, netstandard12, netstandard13, netstandard14, netstandard15, netstandard16
    Octokit (0.28)
      NETStandard.Library (>= 1.6.1) - framework: >= netstandard11
    runtime.debian.8-x64.runtime.native.System.Security.Cryptography (4.3.3) - framework: netcore11
    runtime.debian.8-x64.runtime.native.System.Security.Cryptography.OpenSsl (4.3.2) - framework: net45, net46, >= net46, >= netstandard13, netstandard14, netstandard15, netstandard16, netcore11
    runtime.fedora.23-x64.runtime.native.System.Security.Cryptography (4.3.3) - framework: netcore11
    runtime.fedora.23-x64.runtime.native.System.Security.Cryptography.OpenSsl (4.3.2) - framework: net45, net46, >= net46, >= netstandard13, netstandard14, netstandard15, netstandard16, netcore11
    runtime.fedora.24-x64.runtime.native.System.Security.Cryptography (4.3.3) - framework: netcore11
    runtime.fedora.24-x64.runtime.native.System.Security.Cryptography.OpenSsl (4.3.2) - framework: net45, net46, >= net46, >= netstandard13, netstandard14, netstandard15, netstandard16, netcore11
    runtime.native.System (4.3) - framework: net45, net451, net46, >= net46, >= netstandard11, netstandard12, netstandard13, netstandard14, netstandard15, netstandard16
      Microsoft.NETCore.Platforms (>= 1.1)
      Microsoft.NETCore.Targets (>= 1.1)
    runtime.native.System.IO.Compression (4.3.1) - framework: net45, >= net46, netstandard13, netstandard14, netstandard15, netstandard16, netcore11
      Microsoft.NETCore.Platforms (>= 1.1)
      Microsoft.NETCore.Targets (>= 1.1.1)
    runtime.native.System.Net.Http (4.3) - framework: net45, net46, >= net46, >= netstandard16
      Microsoft.NETCore.Platforms (>= 1.1)
      Microsoft.NETCore.Targets (>= 1.1)
    runtime.native.System.Security.Cryptography (4.3.3) - framework: netcore11
      runtime.debian.8-x64.runtime.native.System.Security.Cryptography (>= 4.3.3)
      runtime.fedora.23-x64.runtime.native.System.Security.Cryptography (>= 4.3.3)
      runtime.fedora.24-x64.runtime.native.System.Security.Cryptography (>= 4.3.3)
      runtime.opensuse.13.2-x64.runtime.native.System.Security.Cryptography (>= 4.3.3)
      runtime.opensuse.42.1-x64.runtime.native.System.Security.Cryptography (>= 4.3.3)
      runtime.osx.10.10-x64.runtime.native.System.Security.Cryptography (>= 4.3.3)
      runtime.rhel.7-x64.runtime.native.System.Security.Cryptography (>= 4.3.3)
      runtime.ubuntu.14.04-x64.runtime.native.System.Security.Cryptography (>= 4.3.3)
      runtime.ubuntu.16.04-x64.runtime.native.System.Security.Cryptography (>= 4.3.3)
      runtime.ubuntu.16.10-x64.runtime.native.System.Security.Cryptography (>= 4.3.3)
    runtime.native.System.Security.Cryptography.Apple (4.3.1) - framework: net45, net46, >= net46, >= netstandard16, netcore11
      runtime.osx.10.10-x64.runtime.native.System.Security.Cryptography.Apple (>= 4.3.1)
    runtime.native.System.Security.Cryptography.OpenSsl (4.3.2) - framework: net45, net46, >= net46, >= netstandard13, netstandard14, netstandard15, netstandard16, netcore11
      runtime.debian.8-x64.runtime.native.System.Security.Cryptography.OpenSsl (>= 4.3.2)
      runtime.fedora.23-x64.runtime.native.System.Security.Cryptography.OpenSsl (>= 4.3.2)
      runtime.fedora.24-x64.runtime.native.System.Security.Cryptography.OpenSsl (>= 4.3.2)
      runtime.opensuse.13.2-x64.runtime.native.System.Security.Cryptography.OpenSsl (>= 4.3.2)
      runtime.opensuse.42.1-x64.runtime.native.System.Security.Cryptography.OpenSsl (>= 4.3.2)
      runtime.osx.10.10-x64.runtime.native.System.Security.Cryptography.OpenSsl (>= 4.3.2)
      runtime.rhel.7-x64.runtime.native.System.Security.Cryptography.OpenSsl (>= 4.3.2)
      runtime.ubuntu.14.04-x64.runtime.native.System.Security.Cryptography.OpenSsl (>= 4.3.2)
      runtime.ubuntu.16.04-x64.runtime.native.System.Security.Cryptography.OpenSsl (>= 4.3.2)
      runtime.ubuntu.16.10-x64.runtime.native.System.Security.Cryptography.OpenSsl (>= 4.3.2)
    runtime.opensuse.13.2-x64.runtime.native.System.Security.Cryptography (4.3.3) - framework: netcore11
    runtime.opensuse.13.2-x64.runtime.native.System.Security.Cryptography.OpenSsl (4.3.2) - framework: net45, net46, >= net46, >= netstandard13, netstandard14, netstandard15, netstandard16, netcore11
    runtime.opensuse.42.1-x64.runtime.native.System.Security.Cryptography (4.3.3) - framework: netcore11
    runtime.opensuse.42.1-x64.runtime.native.System.Security.Cryptography.OpenSsl (4.3.2) - framework: net45, net46, >= net46, >= netstandard13, netstandard14, netstandard15, netstandard16, netcore11
    runtime.osx.10.10-x64.runtime.native.System.Security.Cryptography (4.3.3) - framework: netcore11
    runtime.osx.10.10-x64.runtime.native.System.Security.Cryptography.Apple (4.3.1) - framework: net45, net46, >= net46, >= netstandard16, netcore11
    runtime.osx.10.10-x64.runtime.native.System.Security.Cryptography.OpenSsl (4.3.2) - framework: net45, net46, >= net46, >= netstandard13, netstandard14, netstandard15, netstandard16, netcore11
    runtime.rhel.7-x64.runtime.native.System.Security.Cryptography (4.3.3) - framework: netcore11
    runtime.rhel.7-x64.runtime.native.System.Security.Cryptography.OpenSsl (4.3.2) - framework: net45, net46, >= net46, >= netstandard13, netstandard14, netstandard15, netstandard16, netcore11
    runtime.ubuntu.14.04-x64.runtime.native.System.Security.Cryptography (4.3.3) - framework: netcore11
    runtime.ubuntu.14.04-x64.runtime.native.System.Security.Cryptography.OpenSsl (4.3.2) - framework: net45, net46, >= net46, >= netstandard13, netstandard14, netstandard15, netstandard16, netcore11
    runtime.ubuntu.16.04-x64.runtime.native.System.Security.Cryptography (4.3.3) - framework: netcore11
    runtime.ubuntu.16.04-x64.runtime.native.System.Security.Cryptography.OpenSsl (4.3.2) - framework: net45, net46, >= net46, >= netstandard13, netstandard14, netstandard15, netstandard16, netcore11
    runtime.ubuntu.16.10-x64.runtime.native.System.Security.Cryptography (4.3.3) - framework: netcore11
    runtime.ubuntu.16.10-x64.runtime.native.System.Security.Cryptography.OpenSsl (4.3.2) - framework: net45, net46, >= net46, >= netstandard13, netstandard14, netstandard15, netstandard16, netcore11
    System.AppContext (4.3) - framework: net45, >= net46, netstandard13, netstandard14, netstandard15, netstandard16
      System.Runtime (>= 4.3) - framework: dnxcore50, netstandard13, >= netstandard16
    System.Buffers (4.4) - framework: net45, >= net46, netstandard13, netstandard14, netstandard15, netstandard16, netcore11
      System.Diagnostics.Debug (>= 4.3) - framework: net45, >= netstandard11
      System.Diagnostics.Tracing (>= 4.3) - framework: net45, >= netstandard11
      System.Resources.ResourceManager (>= 4.3) - framework: net45, >= netstandard11
      System.Runtime (>= 4.3) - framework: net45, >= netstandard11
      System.Threading (>= 4.3) - framework: net45, >= netstandard11
    System.Collections (4.3) - framework: net45, >= net45, >= netstandard10, netstandard11, netstandard12, netstandard13, netstandard14, netstandard15, netstandard16
      Microsoft.NETCore.Platforms (>= 1.1) - framework: dnxcore50, netstandard10, >= netstandard13
      Microsoft.NETCore.Targets (>= 1.1) - framework: dnxcore50, netstandard10, >= netstandard13
      System.Runtime (>= 4.3) - framework: dnxcore50, netstandard10, >= netstandard13
    System.Collections.Concurrent (4.3) - framework: net45, >= net45, >= netstandard11, netstandard12, netstandard13, netstandard14, netstandard15, netstandard16
      System.Collections (>= 4.3) - framework: dnxcore50, >= netstandard13
      System.Diagnostics.Debug (>= 4.3) - framework: dnxcore50, >= netstandard13
      System.Diagnostics.Tracing (>= 4.3) - framework: dnxcore50, >= netstandard13
      System.Globalization (>= 4.3) - framework: dnxcore50, >= netstandard13
      System.Reflection (>= 4.3) - framework: >= netstandard13
      System.Resources.ResourceManager (>= 4.3) - framework: dnxcore50, >= netstandard13
      System.Runtime (>= 4.3) - framework: dnxcore50, netstandard11, >= netstandard13
      System.Runtime.Extensions (>= 4.3) - framework: dnxcore50, >= netstandard13
      System.Threading (>= 4.3) - framework: dnxcore50, >= netstandard13
      System.Threading.Tasks (>= 4.3) - framework: dnxcore50, netstandard11, >= netstandard13
    System.Collections.Immutable (1.4) - framework: net45, >= net45, >= netstandard16, netcore11
      NETStandard.Library (>= 1.6.1) - framework: >= netstandard10
    System.ComponentModel (4.3) - framework: netcore11
    System.ComponentModel.Annotations (4.4.1) - framework: netcore11
    System.Configuration.ConfigurationManager (4.4.1) - framework: >= netstandard20
      System.Security.Cryptography.ProtectedData (>= 4.4) - framework: >= netstandard20, netcore20
    System.Console (4.3) - framework: net45, net46, >= net46, >= netstandard13, netstandard14, netstandard15, netstandard16
      Microsoft.NETCore.Platforms (>= 1.1) - framework: >= netstandard13
      Microsoft.NETCore.Targets (>= 1.1) - framework: >= netstandard13
      System.IO (>= 4.3) - framework: >= netstandard13
      System.Runtime (>= 4.3) - framework: >= netstandard13
      System.Text.Encoding (>= 4.3) - framework: >= netstandard13
    System.Diagnostics.Debug (4.3) - framework: net45, >= net45, >= netstandard10, netstandard11, netstandard12, netstandard13, netstandard14, netstandard15, netstandard16
      Microsoft.NETCore.Platforms (>= 1.1) - framework: dnxcore50, netstandard10, >= netstandard13
      Microsoft.NETCore.Targets (>= 1.1) - framework: dnxcore50, netstandard10, >= netstandard13
      System.Runtime (>= 4.3) - framework: dnxcore50, netstandard10, >= netstandard13
    System.Diagnostics.DiagnosticSource (4.4.1) - framework: net45, net46, >= net46, netstandard13, >= netstandard16, netcore11
      System.Collections (>= 4.3) - framework: netstandard11, >= netstandard13
      System.Diagnostics.Debug (>= 4.3) - framework: >= netstandard13
      System.Diagnostics.Tracing (>= 4.3) - framework: netstandard11, >= netstandard13
      System.Reflection (>= 4.3) - framework: netstandard11, >= netstandard13
      System.Runtime (>= 4.3) - framework: netstandard11, >= netstandard13
      System.Runtime.Extensions (>= 4.3) - framework: >= netstandard13
      System.Threading (>= 4.3) - framework: netstandard11, >= netstandard13
    System.Diagnostics.FileVersionInfo (4.3) - framework: >= net46, >= netstandard16
      Microsoft.NETCore.Platforms (>= 1.1) - framework: dnxcore50, >= netstandard13
      System.Globalization (>= 4.3) - framework: >= netstandard13
      System.IO (>= 4.3) - framework: dnxcore50, >= netstandard13
      System.IO.FileSystem (>= 4.3) - framework: dnxcore50, >= netstandard13
      System.IO.FileSystem.Primitives (>= 4.3) - framework: dnxcore50, >= netstandard13
      System.Reflection.Metadata (>= 1.4.1) - framework: dnxcore50, >= netstandard13
      System.Runtime (>= 4.3) - framework: dnxcore50, >= netstandard13
      System.Runtime.Extensions (>= 4.3) - framework: dnxcore50, >= netstandard13
      System.Runtime.InteropServices (>= 4.3) - framework: >= netstandard13
    System.Diagnostics.Process (4.3) - framework: >= netstandard16, netcore11
      Microsoft.NETCore.Platforms (>= 1.1) - framework: >= netstandard14
      Microsoft.Win32.Primitives (>= 4.3) - framework: >= netstandard14
      Microsoft.Win32.Registry (>= 4.3) - framework: >= netstandard14
      runtime.native.System (>= 4.3) - framework: >= netstandard14
      System.Collections (>= 4.3) - framework: >= netstandard14
      System.Diagnostics.Debug (>= 4.3) - framework: >= netstandard14
      System.Globalization (>= 4.3) - framework: >= netstandard14
      System.IO (>= 4.3) - framework: >= netstandard13
      System.IO.FileSystem (>= 4.3) - framework: >= netstandard14
      System.IO.FileSystem.Primitives (>= 4.3) - framework: >= netstandard14
      System.Resources.ResourceManager (>= 4.3) - framework: >= netstandard14
      System.Runtime (>= 4.3) - framework: >= netstandard13
      System.Runtime.Extensions (>= 4.3) - framework: >= netstandard14
      System.Runtime.Handles (>= 4.3) - framework: >= netstandard13
      System.Runtime.InteropServices (>= 4.3) - framework: >= netstandard14
      System.Text.Encoding (>= 4.3) - framework: >= netstandard13
      System.Text.Encoding.Extensions (>= 4.3) - framework: >= netstandard14
      System.Threading (>= 4.3) - framework: >= netstandard14
      System.Threading.Tasks (>= 4.3) - framework: >= netstandard14
      System.Threading.Thread (>= 4.3) - framework: >= netstandard14
      System.Threading.ThreadPool (>= 4.3) - framework: >= netstandard14
    System.Diagnostics.StackTrace (4.3) - framework: >= net46
    System.Diagnostics.Tools (4.3) - framework: net45, >= net45, >= netstandard10, netstandard11, netstandard12, netstandard13, netstandard14, netstandard15, netstandard16
      Microsoft.NETCore.Platforms (>= 1.1) - framework: dnxcore50, >= netstandard10
      Microsoft.NETCore.Targets (>= 1.1) - framework: dnxcore50, >= netstandard10
      System.Runtime (>= 4.3) - framework: dnxcore50, >= netstandard10
    System.Diagnostics.TraceSource (4.3) - framework: >= netstandard16
      Microsoft.NETCore.Platforms (>= 1.1) - framework: >= netstandard13
      runtime.native.System (>= 4.3) - framework: >= netstandard13
      System.Collections (>= 4.3) - framework: >= netstandard13
      System.Diagnostics.Debug (>= 4.3) - framework: >= netstandard13
      System.Globalization (>= 4.3) - framework: >= netstandard13
      System.Resources.ResourceManager (>= 4.3) - framework: >= netstandard13
      System.Runtime (>= 4.3) - framework: >= netstandard13
      System.Runtime.Extensions (>= 4.3) - framework: >= netstandard13
      System.Threading (>= 4.3) - framework: >= netstandard13
    System.Diagnostics.Tracing (4.3) - framework: net45, >= net45, >= netstandard11, netstandard12, netstandard13, netstandard14, netstandard15, netstandard16
      Microsoft.NETCore.Platforms (>= 1.1) - framework: dnxcore50, netstandard11, netstandard12, netstandard13, >= netstandard15
      Microsoft.NETCore.Targets (>= 1.1) - framework: dnxcore50, netstandard11, netstandard12, netstandard13, >= netstandard15
      System.Runtime (>= 4.3) - framework: dnxcore50, netstandard11, netstandard12, netstandard13, >= netstandard15
    System.Dynamic.Runtime (4.3) - framework: >= net46, netcore11
    System.Globalization (4.3) - framework: net45, >= net45, >= netstandard10, netstandard11, netstandard12, netstandard13, netstandard14, netstandard15, netstandard16
      Microsoft.NETCore.Platforms (>= 1.1) - framework: dnxcore50, netstandard10, >= netstandard13
      Microsoft.NETCore.Targets (>= 1.1) - framework: dnxcore50, netstandard10, >= netstandard13
      System.Runtime (>= 4.3) - framework: dnxcore50, netstandard10, >= netstandard13
    System.Globalization.Calendars (4.3) - framework: net45, net46, >= net46, >= netstandard13, netstandard16
      Microsoft.NETCore.Platforms (>= 1.1) - framework: >= netstandard13
      Microsoft.NETCore.Targets (>= 1.1) - framework: >= netstandard13
      System.Globalization (>= 4.3) - framework: >= netstandard13
      System.Runtime (>= 4.3) - framework: >= netstandard13
    System.Globalization.Extensions (4.3) - framework: net45, net46, >= net46, >= netstandard16, netcore11
      Microsoft.NETCore.Platforms (>= 1.1) - framework: >= netstandard13
      System.Globalization (>= 4.3) - framework: >= netstandard13
      System.Resources.ResourceManager (>= 4.3) - framework: >= netstandard13
      System.Runtime (>= 4.3) - framework: >= netstandard13
      System.Runtime.Extensions (>= 4.3) - framework: >= netstandard13
      System.Runtime.InteropServices (>= 4.3) - framework: >= netstandard13
    System.IO (4.3) - framework: net45, >= net45, >= netstandard10, netstandard11, netstandard12, netstandard13, netstandard14, netstandard15, netstandard16
      Microsoft.NETCore.Platforms (>= 1.1) - framework: dnxcore50, netstandard10, netstandard13, >= netstandard15
      Microsoft.NETCore.Targets (>= 1.1) - framework: dnxcore50, netstandard10, netstandard13, >= netstandard15
      System.Runtime (>= 4.3) - framework: dnxcore50, netstandard10, netstandard13, >= netstandard15
      System.Text.Encoding (>= 4.3) - framework: dnxcore50, netstandard10, netstandard13, >= netstandard15
      System.Threading.Tasks (>= 4.3) - framework: dnxcore50, netstandard10, netstandard13, >= netstandard15
    System.IO.Compression (4.3) - framework: net45, >= net46, netstandard11, netstandard12, netstandard13, netstandard14, netstandard15, netstandard16
      Microsoft.NETCore.Platforms (>= 1.1) - framework: >= netstandard13
      runtime.native.System (>= 4.3) - framework: >= netstandard13
      runtime.native.System.IO.Compression (>= 4.3) - framework: dnxcore50, >= netstandard13
      System.Buffers (>= 4.3) - framework: dnxcore50, >= netstandard13
      System.Collections (>= 4.3) - framework: dnxcore50, >= netstandard13
      System.Diagnostics.Debug (>= 4.3) - framework: dnxcore50, >= netstandard13
      System.IO (>= 4.3) - framework: dnxcore50, netstandard11, >= netstandard13
      System.Resources.ResourceManager (>= 4.3) - framework: dnxcore50, >= netstandard13
      System.Runtime (>= 4.3) - framework: dnxcore50, netstandard11, >= netstandard13
      System.Runtime.Extensions (>= 4.3) - framework: dnxcore50, >= netstandard13
      System.Runtime.Handles (>= 4.3) - framework: dnxcore50, >= netstandard13
      System.Runtime.InteropServices (>= 4.3) - framework: dnxcore50, >= netstandard13
      System.Text.Encoding (>= 4.3) - framework: dnxcore50, netstandard11, >= netstandard13
      System.Threading (>= 4.3) - framework: dnxcore50, >= netstandard13
      System.Threading.Tasks (>= 4.3) - framework: dnxcore50, >= netstandard13
    System.IO.Compression.ZipFile (4.3) - framework: net45, >= net46, netstandard13, netstandard14, netstandard15, netstandard16
      System.Buffers (>= 4.3) - framework: >= netstandard13
      System.IO (>= 4.3) - framework: >= netstandard13
      System.IO.Compression (>= 4.3) - framework: >= netstandard13
      System.IO.FileSystem (>= 4.3) - framework: >= netstandard13
      System.IO.FileSystem.Primitives (>= 4.3) - framework: >= netstandard13
      System.Resources.ResourceManager (>= 4.3) - framework: >= netstandard13
      System.Runtime (>= 4.3) - framework: >= netstandard13
      System.Runtime.Extensions (>= 4.3) - framework: >= netstandard13
      System.Text.Encoding (>= 4.3) - framework: >= netstandard13
    System.IO.FileSystem (4.3) - framework: net45, >= net45, >= netstandard13, netstandard14, netstandard15, netstandard16
      Microsoft.NETCore.Platforms (>= 1.1) - framework: >= netstandard13
      Microsoft.NETCore.Targets (>= 1.1) - framework: >= netstandard13
      System.IO (>= 4.3) - framework: >= netstandard13
      System.IO.FileSystem.Primitives (>= 4.3) - framework: >= net46, >= netstandard13
      System.Runtime (>= 4.3) - framework: >= netstandard13
      System.Runtime.Handles (>= 4.3) - framework: >= netstandard13
      System.Text.Encoding (>= 4.3) - framework: >= netstandard13
      System.Threading.Tasks (>= 4.3) - framework: >= netstandard13
    System.IO.FileSystem.Primitives (4.3) - framework: net45, >= net45, >= netstandard13, netstandard14, netstandard15, netstandard16
      System.Runtime (>= 4.3) - framework: >= netstandard13
    System.IO.FileSystem.Watcher (4.3) - framework: netcore11
    System.IO.MemoryMappedFiles (4.3) - framework: netcore11
    System.IO.UnmanagedMemoryStream (4.3) - framework: netcore11
    System.Linq (4.3) - framework: net45, >= net45, >= netstandard10, netstandard11, netstandard12, netstandard13, netstandard14, netstandard15, netstandard16
      System.Collections (>= 4.3) - framework: dnxcore50, netstandard10, >= netstandard16
      System.Diagnostics.Debug (>= 4.3) - framework: dnxcore50, >= netstandard16
      System.Resources.ResourceManager (>= 4.3) - framework: dnxcore50, >= netstandard16
      System.Runtime (>= 4.3) - framework: dnxcore50, netstandard10, >= netstandard16
      System.Runtime.Extensions (>= 4.3) - framework: dnxcore50, >= netstandard16
    System.Linq.Expressions (4.3) - framework: net45, >= net45, >= netstandard10, netstandard11, netstandard12, netstandard13, netstandard14, netstandard15, netstandard16, netcore11
      System.Collections (>= 4.3) - framework: dnxcore50, >= netstandard16
      System.Diagnostics.Debug (>= 4.3) - framework: dnxcore50, >= netstandard16
      System.Globalization (>= 4.3) - framework: dnxcore50, >= netstandard16
      System.IO (>= 4.3) - framework: dnxcore50, >= netstandard16
      System.Linq (>= 4.3) - framework: dnxcore50, >= netstandard16
      System.ObjectModel (>= 4.3) - framework: >= netstandard16
      System.Reflection (>= 4.3) - framework: dnxcore50, netstandard10, netstandard13, >= netstandard16
      System.Reflection.Emit (>= 4.3) - framework: >= netstandard16
      System.Reflection.Emit.ILGeneration (>= 4.3) - framework: dnxcore50, >= netstandard16
      System.Reflection.Emit.Lightweight (>= 4.3) - framework: dnxcore50, >= netstandard16
      System.Reflection.Extensions (>= 4.3) - framework: dnxcore50, >= netstandard16
      System.Reflection.Primitives (>= 4.3) - framework: dnxcore50, >= netstandard16
      System.Reflection.TypeExtensions (>= 4.3) - framework: dnxcore50, >= netstandard16
      System.Resources.ResourceManager (>= 4.3) - framework: dnxcore50, >= netstandard16
      System.Runtime (>= 4.3) - framework: dnxcore50, netstandard10, netstandard13, >= netstandard16
      System.Runtime.Extensions (>= 4.3) - framework: dnxcore50, >= netstandard16
      System.Threading (>= 4.3) - framework: dnxcore50, >= netstandard16
    System.Linq.Parallel (4.3) - framework: netcore11
    System.Linq.Queryable (4.3) - framework: >= netstandard16, netcore11
      System.Collections (>= 4.3) - framework: dnxcore50, >= netstandard13
      System.Diagnostics.Debug (>= 4.3) - framework: dnxcore50, >= netstandard13
      System.Linq (>= 4.3) - framework: dnxcore50, netstandard10, >= netstandard13
      System.Linq.Expressions (>= 4.3) - framework: dnxcore50, netstandard10, >= netstandard13
      System.Reflection (>= 4.3) - framework: dnxcore50, >= netstandard13
      System.Reflection.Extensions (>= 4.3) - framework: dnxcore50, >= netstandard13
      System.Resources.ResourceManager (>= 4.3) - framework: dnxcore50, >= netstandard13
      System.Runtime (>= 4.3) - framework: dnxcore50, netstandard10, >= netstandard13
    System.Net.Http (4.3.3) - framework: net45, net46, >= net46, >= netstandard11, netstandard12, netstandard13, netstandard14, netstandard15, netstandard16, netcore11
      Microsoft.NETCore.Platforms (>= 1.1) - framework: dnxcore50, netstandard13, >= netstandard16
      Microsoft.Win32.Primitives (>= 4.3) - framework: netstandard13
      runtime.native.System (>= 4.3) - framework: >= netstandard16
      runtime.native.System.Net.Http (>= 4.3) - framework: >= netstandard16
      runtime.native.System.Security.Cryptography.OpenSsl (>= 4.3.2) - framework: >= netstandard16
      System.Collections (>= 4.3) - framework: dnxcore50, netstandard13, >= netstandard16
      System.Diagnostics.Debug (>= 4.3) - framework: dnxcore50, netstandard13, >= netstandard16
      System.Diagnostics.DiagnosticSource (>= 4.3) - framework: dnxcore50, netstandard13, >= netstandard16
      System.Diagnostics.Tracing (>= 4.3) - framework: dnxcore50, netstandard13, >= netstandard16
      System.Globalization (>= 4.3) - framework: dnxcore50, netstandard13, >= netstandard16
      System.Globalization.Extensions (>= 4.3) - framework: >= netstandard16
      System.IO (>= 4.3) - framework: dnxcore50, netstandard11, netstandard13, >= netstandard16
      System.IO.Compression (>= 4.3) - framework: netstandard13
      System.IO.FileSystem (>= 4.3) - framework: >= netstandard16
      System.Net.Primitives (>= 4.3) - framework: dnxcore50, netstandard11, netstandard13, >= netstandard16
      System.Resources.ResourceManager (>= 4.3) - framework: dnxcore50, netstandard13, >= netstandard16
      System.Runtime (>= 4.3) - framework: dnxcore50, netstandard11, netstandard13, >= netstandard16
      System.Runtime.Extensions (>= 4.3) - framework: dnxcore50, netstandard13, >= netstandard16
      System.Runtime.Handles (>= 4.3) - framework: netstandard13, >= netstandard16
      System.Runtime.InteropServices (>= 4.3) - framework: dnxcore50, netstandard13, >= netstandard16
      System.Security.Cryptography.Algorithms (>= 4.3) - framework: >= netstandard16
      System.Security.Cryptography.Encoding (>= 4.3) - framework: netstandard13, >= netstandard16
      System.Security.Cryptography.OpenSsl (>= 4.3) - framework: >= netstandard16
      System.Security.Cryptography.Primitives (>= 4.3) - framework: >= netstandard16
      System.Security.Cryptography.X509Certificates (>= 4.3) - framework: >= net46, dnxcore50, netstandard13, >= netstandard16
      System.Text.Encoding (>= 4.3) - framework: dnxcore50, netstandard11, netstandard13, >= netstandard16
      System.Threading (>= 4.3) - framework: dnxcore50, netstandard13, >= netstandard16
      System.Threading.Tasks (>= 4.3) - framework: dnxcore50, netstandard11, netstandard13, >= netstandard16
    System.Net.NameResolution (4.3) - framework: netcore11
    System.Net.Primitives (4.3) - framework: net45, >= net45, >= netstandard10, netstandard11, netstandard12, netstandard13, netstandard14, netstandard15, netstandard16
      Microsoft.NETCore.Platforms (>= 1.1) - framework: dnxcore50, netstandard10, netstandard11, >= netstandard13
      Microsoft.NETCore.Targets (>= 1.1) - framework: dnxcore50, netstandard10, netstandard11, >= netstandard13
      System.Runtime (>= 4.3) - framework: dnxcore50, netstandard10, netstandard11, >= netstandard13
      System.Runtime.Handles (>= 4.3) - framework: dnxcore50, >= netstandard13
    System.Net.Requests (4.3) - framework: >= netstandard16, netcore11
      Microsoft.NETCore.Platforms (>= 1.1) - framework: >= netstandard13
      System.Collections (>= 4.3) - framework: dnxcore50, >= netstandard13
      System.Diagnostics.Debug (>= 4.3) - framework: dnxcore50, >= netstandard13
      System.Diagnostics.Tracing (>= 4.3) - framework: dnxcore50, >= netstandard13
      System.Globalization (>= 4.3) - framework: dnxcore50, >= netstandard13
      System.IO (>= 4.3) - framework: dnxcore50, netstandard10, netstandard11, >= netstandard13
      System.Net.Http (>= 4.3) - framework: dnxcore50, >= netstandard13
      System.Net.Primitives (>= 4.3) - framework: dnxcore50, netstandard10, netstandard11, >= netstandard13
      System.Net.WebHeaderCollection (>= 4.3) - framework: dnxcore50, >= netstandard13
      System.Resources.ResourceManager (>= 4.3) - framework: dnxcore50, >= netstandard13
      System.Runtime (>= 4.3) - framework: dnxcore50, netstandard10, netstandard11, >= netstandard13
      System.Threading (>= 4.3) - framework: dnxcore50, >= netstandard13
      System.Threading.Tasks (>= 4.3) - framework: dnxcore50, netstandard11, >= netstandard13
    System.Net.Security (4.3.2) - framework: netcore11
    System.Net.Sockets (4.3) - framework: net45, >= net46, netstandard13, netstandard14, netstandard15, netstandard16
      Microsoft.NETCore.Platforms (>= 1.1) - framework: >= netstandard13
      Microsoft.NETCore.Targets (>= 1.1) - framework: >= netstandard13
      System.IO (>= 4.3) - framework: >= netstandard13
      System.Net.Primitives (>= 4.3) - framework: >= netstandard13
      System.Runtime (>= 4.3) - framework: >= netstandard13
      System.Threading.Tasks (>= 4.3) - framework: >= netstandard13
    System.Net.WebHeaderCollection (4.3) - framework: >= netstandard16, netcore11
      System.Collections (>= 4.3) - framework: >= netstandard13
      System.Resources.ResourceManager (>= 4.3) - framework: >= netstandard13
      System.Runtime (>= 4.3) - framework: >= netstandard13
      System.Runtime.Extensions (>= 4.3) - framework: >= netstandard13
    System.Numerics.Vectors (4.4) - framework: netcore11
    System.ObjectModel (4.3) - framework: net45, >= net45, >= netstandard10, netstandard11, netstandard12, netstandard13, netstandard14, netstandard15, netstandard16
      System.Collections (>= 4.3) - framework: dnxcore50, >= netstandard13
      System.Diagnostics.Debug (>= 4.3) - framework: dnxcore50, >= netstandard13
      System.Resources.ResourceManager (>= 4.3) - framework: dnxcore50, >= netstandard13
      System.Runtime (>= 4.3) - framework: dnxcore50, netstandard10, >= netstandard13
      System.Threading (>= 4.3) - framework: dnxcore50, >= netstandard13
    System.Reflection (4.3) - framework: net45, >= net45, >= netstandard10, netstandard11, netstandard12, netstandard13, netstandard14, netstandard15, netstandard16
      Microsoft.NETCore.Platforms (>= 1.1) - framework: dnxcore50, netstandard10, netstandard13, >= netstandard15
      Microsoft.NETCore.Targets (>= 1.1) - framework: dnxcore50, netstandard10, netstandard13, >= netstandard15
      System.IO (>= 4.3) - framework: dnxcore50, netstandard10, netstandard13, >= netstandard15
      System.Reflection.Primitives (>= 4.3) - framework: dnxcore50, netstandard10, netstandard13, >= netstandard15
      System.Runtime (>= 4.3) - framework: dnxcore50, netstandard10, netstandard13, >= netstandard15
    System.Reflection.DispatchProxy (4.4) - framework: netcore11
    System.Reflection.Emit (4.3) - framework: net45, >= net45, >= netstandard16
      System.IO (>= 4.3) - framework: >= netstandard11
      System.Reflection (>= 4.3) - framework: >= netstandard11
      System.Reflection.Emit.ILGeneration (>= 4.3) - framework: >= netstandard11
      System.Reflection.Primitives (>= 4.3) - framework: >= netstandard11
      System.Runtime (>= 4.3) - framework: >= netstandard11
    System.Reflection.Emit.ILGeneration (4.3) - framework: net45, >= net45, >= netstandard16
      System.Reflection (>= 4.3) - framework: >= netstandard10
      System.Reflection.Primitives (>= 4.3) - framework: >= netstandard10
      System.Runtime (>= 4.3) - framework: >= netstandard10
    System.Reflection.Emit.Lightweight (4.3) - framework: net45, >= net45, >= netstandard16, netcore11, netcore20
      System.Reflection (>= 4.3) - framework: >= netstandard10
      System.Reflection.Emit.ILGeneration (>= 4.3) - framework: >= netstandard10
      System.Reflection.Primitives (>= 4.3) - framework: >= netstandard10
      System.Runtime (>= 4.3) - framework: >= netstandard10
    System.Reflection.Extensions (4.3) - framework: net45, >= net45, >= netstandard10, netstandard11, netstandard12, netstandard13, netstandard14, netstandard15, netstandard16
      Microsoft.NETCore.Platforms (>= 1.1) - framework: dnxcore50, >= netstandard10
      Microsoft.NETCore.Targets (>= 1.1) - framework: dnxcore50, >= netstandard10
      System.Reflection (>= 4.3) - framework: dnxcore50, >= netstandard10
      System.Runtime (>= 4.3) - framework: dnxcore50, >= netstandard10
    System.Reflection.Metadata (1.5) - framework: >= net45, >= netstandard16, netcore11
      NETStandard.Library (>= 1.6.1) - framework: net45, >= netstandard11
      System.Collections.Immutable (>= 1.4) - framework: net45, >= net461, >= netstandard11, monoandroid, monotouch, portable-net45+win8, portable45-net45+win8+wpa81, xamarinios, xamarinmac
    System.Reflection.Primitives (4.3) - framework: net45, >= net45, >= netstandard10, netstandard11, netstandard12, netstandard13, netstandard14, netstandard15, netstandard16
      Microsoft.NETCore.Platforms (>= 1.1) - framework: dnxcore50, >= netstandard10
      Microsoft.NETCore.Targets (>= 1.1) - framework: dnxcore50, >= netstandard10
      System.Runtime (>= 4.3) - framework: dnxcore50, >= netstandard10
    System.Reflection.TypeExtensions (4.4) - framework: net45, >= net45, >= netstandard16, netcore11
    System.Resources.Reader (4.3) - framework: netcore11
    System.Resources.ResourceManager (4.3) - framework: net45, >= net45, >= netstandard10, netstandard11, netstandard12, netstandard13, netstandard14, netstandard15, netstandard16
      Microsoft.NETCore.Platforms (>= 1.1) - framework: dnxcore50, >= netstandard10
      Microsoft.NETCore.Targets (>= 1.1) - framework: dnxcore50, >= netstandard10
      System.Globalization (>= 4.3) - framework: dnxcore50, >= netstandard10
      System.Reflection (>= 4.3) - framework: dnxcore50, >= netstandard10
      System.Runtime (>= 4.3) - framework: dnxcore50, >= netstandard10
    System.Runtime (4.3) - framework: net45, >= net45, >= netstandard10, netstandard11, netstandard12, netstandard13, netstandard14, netstandard15, netstandard16
      Microsoft.NETCore.Platforms (>= 1.1) - framework: dnxcore50, netstandard10, netstandard12, netstandard13, >= netstandard15
      Microsoft.NETCore.Targets (>= 1.1) - framework: dnxcore50, netstandard10, netstandard12, netstandard13, >= netstandard15
    System.Runtime.Extensions (4.3) - framework: net45, >= net45, >= netstandard10, netstandard11, netstandard12, netstandard13, netstandard14, netstandard15, netstandard16
      Microsoft.NETCore.Platforms (>= 1.1) - framework: dnxcore50, netstandard10, netstandard13, >= netstandard15
      Microsoft.NETCore.Targets (>= 1.1) - framework: dnxcore50, netstandard10, netstandard13, >= netstandard15
      System.Runtime (>= 4.3) - framework: dnxcore50, netstandard10, netstandard13, >= netstandard15
    System.Runtime.Handles (4.3) - framework: net45, >= net45, >= netstandard13, netstandard14, netstandard15, netstandard16
      Microsoft.NETCore.Platforms (>= 1.1) - framework: >= netstandard13
      Microsoft.NETCore.Targets (>= 1.1) - framework: >= netstandard13
      System.Runtime (>= 4.3) - framework: >= netstandard13
    System.Runtime.InteropServices (4.3) - framework: net45, >= net45, >= netstandard11, netstandard12, netstandard13, netstandard14, netstandard15, netstandard16
      Microsoft.NETCore.Platforms (>= 1.1) - framework: dnxcore50, netstandard11, netstandard12, netstandard13, >= netstandard15, netcore11
      Microsoft.NETCore.Targets (>= 1.1) - framework: dnxcore50, netstandard11, netstandard12, netstandard13, >= netstandard15, netcore11
      System.Reflection (>= 4.3) - framework: dnxcore50, netstandard11, netstandard12, netstandard13, >= netstandard15, netcore11
      System.Reflection.Primitives (>= 4.3) - framework: dnxcore50, netstandard11, netstandard12, netstandard13, >= netstandard15, netcore11
      System.Runtime (>= 4.3) - framework: net462, >= net463, dnxcore50, netstandard11, netstandard12, netstandard13, >= netstandard15, netcore11
      System.Runtime.Handles (>= 4.3) - framework: dnxcore50, netstandard13, >= netstandard15, netcore11
    System.Runtime.InteropServices.RuntimeInformation (4.3) - framework: net45, net451, >= net46, netstandard11, netstandard12, netstandard13, netstandard14, netstandard15, netstandard16
      runtime.native.System (>= 4.3) - framework: >= netstandard11
      System.Reflection (>= 4.3) - framework: dnxcore50, >= netstandard11
      System.Reflection.Extensions (>= 4.3) - framework: dnxcore50, >= netstandard11
      System.Resources.ResourceManager (>= 4.3) - framework: dnxcore50, >= netstandard11
      System.Runtime (>= 4.3) - framework: dnxcore50, >= netstandard11
      System.Runtime.InteropServices (>= 4.3) - framework: >= netstandard11
      System.Threading (>= 4.3) - framework: dnxcore50, >= netstandard11
    System.Runtime.Loader (4.3) - framework: >= netstandard16, netcore11
      System.IO (>= 4.3) - framework: >= netstandard15
      System.Reflection (>= 4.3) - framework: >= netstandard15
      System.Runtime (>= 4.3) - framework: >= netstandard15
    System.Runtime.Numerics (4.3) - framework: net45, >= net45, >= netstandard11, netstandard12, netstandard13, netstandard14, netstandard15, netstandard16
      System.Globalization (>= 4.3) - framework: dnxcore50, >= netstandard13
      System.Resources.ResourceManager (>= 4.3) - framework: dnxcore50, >= netstandard13
      System.Runtime (>= 4.3) - framework: dnxcore50, netstandard11, >= netstandard13
      System.Runtime.Extensions (>= 4.3) - framework: dnxcore50, >= netstandard13
    System.Runtime.Serialization.Primitives (4.3) - framework: netcore11, netcore20
    System.Security.AccessControl (4.4.1) - framework: >= net461, >= netstandard20, netcore20
      Microsoft.NETCore.Platforms (>= 2.0) - framework: netcore20
      System.Security.Principal.Windows (>= 4.4) - framework: net46, >= net461, netstandard13, >= netstandard20, netcore20, monoandroid, monotouch, xamarinios, xamarinmac
    System.Security.Cryptography.Algorithms (4.3.1) - framework: net45, net46, >= net46, >= netstandard13, netstandard14, netstandard15, netstandard16, netcore11
      Microsoft.NETCore.Platforms (>= 1.1) - framework: dnxcore50, >= netstandard16
      runtime.native.System.Security.Cryptography.Apple (>= 4.3.1) - framework: >= netstandard16
      runtime.native.System.Security.Cryptography.OpenSsl (>= 4.3.2) - framework: >= netstandard16
      System.Collections (>= 4.3) - framework: >= netstandard16
      System.IO (>= 4.3) - framework: >= net463, dnxcore50, netstandard13, netstandard14, >= netstandard16
      System.Resources.ResourceManager (>= 4.3) - framework: dnxcore50, >= netstandard16
      System.Runtime (>= 4.3) - framework: >= net463, dnxcore50, netstandard13, netstandard14, >= netstandard16
      System.Runtime.Extensions (>= 4.3) - framework: dnxcore50, >= netstandard16
      System.Runtime.Handles (>= 4.3) - framework: dnxcore50, >= netstandard16
      System.Runtime.InteropServices (>= 4.3) - framework: dnxcore50, >= netstandard16
      System.Runtime.Numerics (>= 4.3) - framework: >= netstandard16
      System.Security.Cryptography.Encoding (>= 4.3) - framework: >= net463, dnxcore50, >= netstandard16
      System.Security.Cryptography.Primitives (>= 4.3) - framework: net46, net461, >= net463, dnxcore50, netstandard13, netstandard14, >= netstandard16
      System.Text.Encoding (>= 4.3) - framework: dnxcore50, >= netstandard16
    System.Security.Cryptography.Cng (4.4) - framework: net45, net46, >= net46, >= netstandard16
      System.IO (>= 4.3) - framework: netstandard13, netstandard14, netstandard16
      System.Resources.ResourceManager (>= 4.3) - framework: netstandard13, netstandard14, netstandard16
      System.Runtime (>= 4.3) - framework: netstandard13, netstandard14, netstandard16
      System.Runtime.Extensions (>= 4.3) - framework: netstandard14, netstandard16
      System.Runtime.Handles (>= 4.3) - framework: netstandard13, netstandard14, netstandard16
      System.Runtime.InteropServices (>= 4.3) - framework: netstandard13, netstandard14, netstandard16
      System.Security.Cryptography.Algorithms (>= 4.3) - framework: net46, netstandard13, netstandard14, netstandard16
      System.Security.Cryptography.Encoding (>= 4.3) - framework: netstandard14, netstandard16
      System.Security.Cryptography.Primitives (>= 4.3) - framework: net46, netstandard13, netstandard14, netstandard16
      System.Text.Encoding (>= 4.3) - framework: netstandard14, netstandard16
    System.Security.Cryptography.Csp (4.3) - framework: net45, net46, >= net46, >= netstandard16
      Microsoft.NETCore.Platforms (>= 1.1) - framework: >= netstandard13
      System.IO (>= 4.3) - framework: >= netstandard13
      System.Reflection (>= 4.3) - framework: >= netstandard13
      System.Resources.ResourceManager (>= 4.3) - framework: >= netstandard13
      System.Runtime (>= 4.3) - framework: >= netstandard13
      System.Runtime.Extensions (>= 4.3) - framework: >= netstandard13
      System.Runtime.Handles (>= 4.3) - framework: >= netstandard13
      System.Runtime.InteropServices (>= 4.3) - framework: >= netstandard13
      System.Security.Cryptography.Algorithms (>= 4.3) - framework: >= net46, >= netstandard13
      System.Security.Cryptography.Encoding (>= 4.3) - framework: >= netstandard13
      System.Security.Cryptography.Primitives (>= 4.3) - framework: >= net46, >= netstandard13
      System.Text.Encoding (>= 4.3) - framework: >= netstandard13
      System.Threading (>= 4.3) - framework: >= netstandard13
    System.Security.Cryptography.Encoding (4.3) - framework: net45, net46, >= net46, >= netstandard13, netstandard14, netstandard15, netstandard16, netcore11
      Microsoft.NETCore.Platforms (>= 1.1) - framework: >= netstandard13
      runtime.native.System.Security.Cryptography.OpenSsl (>= 4.3) - framework: >= netstandard13
      System.Collections (>= 4.3) - framework: >= netstandard13
      System.Collections.Concurrent (>= 4.3) - framework: >= netstandard13
      System.Linq (>= 4.3) - framework: >= netstandard13
      System.Resources.ResourceManager (>= 4.3) - framework: >= netstandard13
      System.Runtime (>= 4.3) - framework: >= netstandard13
      System.Runtime.Extensions (>= 4.3) - framework: >= netstandard13
      System.Runtime.Handles (>= 4.3) - framework: >= netstandard13
      System.Runtime.InteropServices (>= 4.3) - framework: >= netstandard13
      System.Security.Cryptography.Primitives (>= 4.3) - framework: >= netstandard13
      System.Text.Encoding (>= 4.3) - framework: >= netstandard13
    System.Security.Cryptography.OpenSsl (4.4) - framework: net45, net46, >= net46, >= netstandard16, netcore11
      System.Collections (>= 4.3) - framework: netstandard16
      System.IO (>= 4.3) - framework: netstandard16
      System.Resources.ResourceManager (>= 4.3) - framework: netstandard16
      System.Runtime (>= 4.3) - framework: netstandard16
      System.Runtime.Extensions (>= 4.3) - framework: netstandard16
      System.Runtime.Handles (>= 4.3) - framework: netstandard16
      System.Runtime.InteropServices (>= 4.3) - framework: netstandard16
      System.Runtime.Numerics (>= 4.3) - framework: netstandard16
      System.Security.Cryptography.Algorithms (>= 4.3) - framework: netstandard16
      System.Security.Cryptography.Encoding (>= 4.3) - framework: netstandard16
      System.Security.Cryptography.Primitives (>= 4.3) - framework: netstandard16
      System.Text.Encoding (>= 4.3) - framework: netstandard16
    System.Security.Cryptography.Primitives (4.3) - framework: net45, net46, >= net46, >= netstandard13, netstandard14, netstandard15, netstandard16, netcore11
      System.Diagnostics.Debug (>= 4.3) - framework: >= netstandard13
      System.Globalization (>= 4.3) - framework: >= netstandard13
      System.IO (>= 4.3) - framework: >= netstandard13
      System.Resources.ResourceManager (>= 4.3) - framework: >= netstandard13
      System.Runtime (>= 4.3) - framework: >= netstandard13
      System.Threading (>= 4.3) - framework: >= netstandard13
      System.Threading.Tasks (>= 4.3) - framework: >= netstandard13
    System.Security.Cryptography.ProtectedData (4.4) - framework: >= netstandard20
    System.Security.Cryptography.X509Certificates (4.3.2) - framework: net45, net46, >= net46, >= netstandard13, netstandard14, netstandard15, netstandard16, netcore11
      Microsoft.NETCore.Platforms (>= 1.1) - framework: dnxcore50, >= netstandard16
      runtime.native.System (>= 4.3) - framework: >= netstandard16
      runtime.native.System.Net.Http (>= 4.3) - framework: >= netstandard16
      runtime.native.System.Security.Cryptography.OpenSsl (>= 4.3.2) - framework: >= netstandard16
      System.Collections (>= 4.3) - framework: dnxcore50, >= netstandard16
      System.Diagnostics.Debug (>= 4.3) - framework: >= netstandard16
      System.Globalization (>= 4.3) - framework: dnxcore50, >= netstandard16
      System.Globalization.Calendars (>= 4.3) - framework: dnxcore50, >= netstandard16
      System.IO (>= 4.3) - framework: dnxcore50, >= netstandard16
      System.IO.FileSystem (>= 4.3) - framework: dnxcore50, >= netstandard16
      System.IO.FileSystem.Primitives (>= 4.3) - framework: >= netstandard16
      System.Resources.ResourceManager (>= 4.3) - framework: dnxcore50, >= netstandard16
      System.Runtime (>= 4.3) - framework: dnxcore50, netstandard13, netstandard14, >= netstandard16
      System.Runtime.Extensions (>= 4.3) - framework: dnxcore50, >= netstandard16
      System.Runtime.Handles (>= 4.3) - framework: dnxcore50, netstandard13, netstandard14, >= netstandard16
      System.Runtime.InteropServices (>= 4.3) - framework: dnxcore50, >= netstandard16
      System.Runtime.Numerics (>= 4.3) - framework: dnxcore50, >= netstandard16
      System.Security.Cryptography.Algorithms (>= 4.3) - framework: net46, >= net461, dnxcore50, netstandard13, netstandard14, >= netstandard16
      System.Security.Cryptography.Cng (>= 4.3) - framework: dnxcore50, >= netstandard16
      System.Security.Cryptography.Csp (>= 4.3) - framework: >= netstandard16
      System.Security.Cryptography.Encoding (>= 4.3) - framework: net46, >= net461, dnxcore50, netstandard13, netstandard14, >= netstandard16
      System.Security.Cryptography.OpenSsl (>= 4.3) - framework: >= netstandard16
      System.Security.Cryptography.Primitives (>= 4.3) - framework: dnxcore50, >= netstandard16
      System.Text.Encoding (>= 4.3) - framework: dnxcore50, >= netstandard16
      System.Threading (>= 4.3) - framework: dnxcore50, >= netstandard16
    System.Security.Principal.Windows (4.4.1) - framework: >= net461, >= netstandard20, netcore20
      Microsoft.NETCore.Platforms (>= 2.0) - framework: netcore20
    System.Text.Encoding (4.3) - framework: net45, >= net45, >= netstandard10, netstandard11, netstandard12, netstandard13, netstandard14, netstandard15, netstandard16
      Microsoft.NETCore.Platforms (>= 1.1) - framework: dnxcore50, netstandard10, >= netstandard13
      Microsoft.NETCore.Targets (>= 1.1) - framework: dnxcore50, netstandard10, >= netstandard13
      System.Runtime (>= 4.3) - framework: dnxcore50, netstandard10, >= netstandard13
    System.Text.Encoding.CodePages (4.4) - framework: >= net46
    System.Text.Encoding.Extensions (4.3) - framework: net45, >= net45, >= netstandard10, netstandard11, netstandard12, netstandard13, netstandard14, netstandard15, netstandard16
      Microsoft.NETCore.Platforms (>= 1.1) - framework: dnxcore50, netstandard10, >= netstandard13
      Microsoft.NETCore.Targets (>= 1.1) - framework: dnxcore50, netstandard10, >= netstandard13
      System.Runtime (>= 4.3) - framework: dnxcore50, netstandard10, >= netstandard13
      System.Text.Encoding (>= 4.3) - framework: dnxcore50, netstandard10, >= netstandard13
    System.Text.RegularExpressions (4.3) - framework: net45, >= net45, >= netstandard10, netstandard11, netstandard12, netstandard13, netstandard14, netstandard15, netstandard16
      System.Collections (>= 4.3) - framework: dnxcore50, >= netstandard16
      System.Globalization (>= 4.3) - framework: dnxcore50, >= netstandard16
      System.Resources.ResourceManager (>= 4.3) - framework: dnxcore50, >= netstandard16
      System.Runtime (>= 4.3) - framework: dnxcore50, netstandard10, netstandard13, >= netstandard16, netcore11
      System.Runtime.Extensions (>= 4.3) - framework: dnxcore50, >= netstandard16
      System.Threading (>= 4.3) - framework: dnxcore50, >= netstandard16
    System.Threading (4.3) - framework: net45, >= net45, >= netstandard10, netstandard11, netstandard12, netstandard13, netstandard14, netstandard15, netstandard16
      System.Runtime (>= 4.3) - framework: dnxcore50, netstandard10, >= netstandard13
      System.Threading.Tasks (>= 4.3) - framework: dnxcore50, netstandard10, >= netstandard13
    System.Threading.Tasks (4.3) - framework: net45, >= net45, >= netstandard10, netstandard11, netstandard12, netstandard13, netstandard14, netstandard15, netstandard16
      Microsoft.NETCore.Platforms (>= 1.1) - framework: dnxcore50, netstandard10, >= netstandard13
      Microsoft.NETCore.Targets (>= 1.1) - framework: dnxcore50, netstandard10, >= netstandard13
      System.Runtime (>= 4.3) - framework: dnxcore50, netstandard10, >= netstandard13
    System.Threading.Tasks.Dataflow (4.8) - framework: netcore11
    System.Threading.Tasks.Extensions (4.4) - framework: >= net45, netstandard13, netstandard14, netstandard15, netstandard16, netcore11
      System.Collections (>= 4.3) - framework: >= netstandard10
      System.Runtime (>= 4.3) - framework: >= netstandard10
      System.Threading.Tasks (>= 4.3) - framework: >= netstandard10
    System.Threading.Tasks.Parallel (4.3) - framework: >= net46, >= netstandard16, netcore11
      System.Collections.Concurrent (>= 4.3) - framework: dnxcore50, netstandard11, >= netstandard13
      System.Diagnostics.Debug (>= 4.3) - framework: dnxcore50, >= netstandard13
      System.Diagnostics.Tracing (>= 4.3) - framework: dnxcore50, >= netstandard13
      System.Resources.ResourceManager (>= 4.3) - framework: dnxcore50, >= netstandard13
      System.Runtime (>= 4.3) - framework: dnxcore50, netstandard11, >= netstandard13
      System.Runtime.Extensions (>= 4.3) - framework: dnxcore50, >= netstandard13
      System.Threading (>= 4.3) - framework: dnxcore50, >= netstandard13
      System.Threading.Tasks (>= 4.3) - framework: dnxcore50, netstandard11, >= netstandard13
    System.Threading.Thread (4.3) - framework: >= net46, >= netstandard16, netcore11
      System.Runtime (>= 4.3) - framework: >= netstandard13
    System.Threading.ThreadPool (4.3) - framework: >= netstandard16, netcore11
      System.Runtime (>= 4.3) - framework: >= netstandard13
      System.Runtime.Handles (>= 4.3) - framework: >= netstandard13
    System.Threading.Timer (4.3) - framework: net45, >= net45, >= netstandard12, netstandard13, netstandard14, netstandard15, netstandard16
      Microsoft.NETCore.Platforms (>= 1.1) - framework: dnxcore50, >= netstandard12
      Microsoft.NETCore.Targets (>= 1.1) - framework: dnxcore50, >= netstandard12
      System.Runtime (>= 4.3) - framework: dnxcore50, >= netstandard12
    System.ValueTuple (4.4)
      NETStandard.Library (>= 1.6.1) - framework: netstandard10
    System.Xml.ReaderWriter (4.3) - framework: >= net45, netstandard10, netstandard11, netstandard12, netstandard13, netstandard14, netstandard15, netstandard16
      System.Collections (>= 4.3) - framework: dnxcore50, >= netstandard13
      System.Diagnostics.Debug (>= 4.3) - framework: dnxcore50, >= netstandard13
      System.Globalization (>= 4.3) - framework: dnxcore50, >= netstandard13
      System.IO (>= 4.3) - framework: dnxcore50, netstandard10, >= netstandard13
      System.IO.FileSystem (>= 4.3) - framework: dnxcore50, >= netstandard13
      System.IO.FileSystem.Primitives (>= 4.3) - framework: dnxcore50, >= netstandard13
      System.Resources.ResourceManager (>= 4.3) - framework: dnxcore50, >= netstandard13
      System.Runtime (>= 4.3) - framework: dnxcore50, netstandard10, >= netstandard13
      System.Runtime.Extensions (>= 4.3) - framework: dnxcore50, >= netstandard13
      System.Runtime.InteropServices (>= 4.3) - framework: dnxcore50, >= netstandard13
      System.Text.Encoding (>= 4.3) - framework: dnxcore50, netstandard10, >= netstandard13
      System.Text.Encoding.Extensions (>= 4.3) - framework: dnxcore50, >= netstandard13
      System.Text.RegularExpressions (>= 4.3) - framework: dnxcore50, >= netstandard13
      System.Threading.Tasks (>= 4.3) - framework: dnxcore50, netstandard10, >= netstandard13
      System.Threading.Tasks.Extensions (>= 4.3) - framework: dnxcore50, >= netstandard13
    System.Xml.XDocument (4.3) - framework: >= net45, netstandard10, netstandard11, netstandard12, netstandard13, netstandard14, netstandard15, netstandard16
      System.Collections (>= 4.3) - framework: dnxcore50, >= netstandard13
      System.Diagnostics.Debug (>= 4.3) - framework: dnxcore50, >= netstandard13
      System.Diagnostics.Tools (>= 4.3) - framework: dnxcore50, >= netstandard13
      System.Globalization (>= 4.3) - framework: dnxcore50, >= netstandard13
      System.IO (>= 4.3) - framework: dnxcore50, netstandard10, >= netstandard13
      System.Reflection (>= 4.3) - framework: dnxcore50, >= netstandard13
      System.Resources.ResourceManager (>= 4.3) - framework: dnxcore50, >= netstandard13
      System.Runtime (>= 4.3) - framework: dnxcore50, netstandard10, >= netstandard13
      System.Runtime.Extensions (>= 4.3) - framework: dnxcore50, >= netstandard13
      System.Text.Encoding (>= 4.3) - framework: dnxcore50, >= netstandard13
      System.Threading (>= 4.3) - framework: dnxcore50, >= netstandard13
      System.Xml.ReaderWriter (>= 4.3) - framework: dnxcore50, netstandard10, >= netstandard13
    System.Xml.XmlDocument (4.3) - framework: >= net46
    System.Xml.XmlSerializer (4.3) - framework: >= net46, netcore11, netcore20
    System.Xml.XPath (4.3) - framework: >= net46
    System.Xml.XPath.XDocument (4.3) - framework: >= net46
      System.Xml.XPath (>= 4.3) - framework: >= net46, >= netstandard13
    System.Xml.XPath.XmlDocument (4.3) - framework: netcore11, netcore20
  remote: https://ci.appveyor.com/nuget/fsharp-formatting
    FSharp.Formatting (3.0.0-beta08)
      FSharp.Compiler.Service (>= 17.0.1 < 18.0)
      Microsoft.AspNet.Razor (>= 3.2.3 < 4.0)
      System.ValueTuple (>= 4.4 < 5.0)
GITHUB
  remote: fsharp/FAKE
    modules/Octokit/Octokit.fsx (642a01a5e17b870f816cdd7ee09115e018b786f0)
      Octokit (>= 0.20)